GEM
  remote: https://rubygems.org/
  specs:
    activesupport (7.0.5)
      concurrent-ruby (~> 1.0, >= 1.0.2)
      i18n (>= 1.6, < 2)
      minitest (>= 5.1)
      tzinfo (~> 2.0)
    concurrent-ruby (1.2.2)
    dotenv (2.8.1)
    faraday (2.7.6)
      faraday-net_http (>= 2.0, < 3.1)
      ruby2_keywords (>= 0.0.4)
    faraday-multipart (1.0.4)
      multipart-post (~> 2)
    faraday-net_http (3.0.2)
    hashie (5.0.0)
    i18n (1.14.1)
      concurrent-ruby (~> 1.0)
    minitest (5.18.0)
    multipart-post (2.3.0)
    rack (3.0.7)
    rack-cors (2.0.1)
      rack (>= 2.0.0)
    rackup (2.1.0)
      rack (>= 3)
      webrick (~> 1.8)
    ruby2_keywords (0.0.5)
    sinatra (1.0)
      rack (>= 1.0)
    strava-ruby-client (1.0.1)
      activesupport
      faraday (>= 2.0)
      faraday-multipart (>= 1.0)
      hashie
    tzinfo (2.0.6)
      concurrent-ruby (~> 1.0)
    webrick (1.8.1)

PLATFORMS
  arm64-darwin-22

DEPENDENCIES
  dotenv
  rack-cors
  rackup
  sinatra
  strava-ruby-client

BUNDLED WITH
   2.4.10
